PATH
  remote: .
  specs:
    allure-ruby-adaptor-api (0.6.10)
      mimemagic
      nokogiri
      uuid

GEM
  remote: https://rubygems.org/
  specs:
    macaddr (1.7.1)
      systemu (~> 2.6.2)
    mimemagic (0.3.2)
    mini_portile2 (2.2.0)
    nokogiri (1.8.0)
      mini_portile2 (~> 2.2.0)
    nokogiri (1.8.0-x64-mingw32)
      mini_portile2 (~> 2.2.0)
    rake (12.0.0)
    systemu (2.6.5)
    uuid (2.3.8)
      macaddr (~> 1.0)

PLATFORMS
  ruby
  x64-mingw32

DEPENDENCIES
  allure-ruby-adaptor-api!
  bundler
  rake

BUNDLED WITH
   1.15.4
